GEM
  remote: https://rubygems.org/
  specs:
    activemodel (4.2.10)
      activesupport (= 4.2.10)
      builder (~> 3.1)
    activerecord (4.2.10)
      activemodel (= 4.2.10)
      activesupport (= 4.2.10)
      arel (~> 6.0)
    activesupport (4.2.10)
      i18n (~> 0.7)
      minitest (~> 5.1)
      thread_safe (~> 0.3, >= 0.3.4)
      tzinfo (~> 1.1)
    addressable (2.4.0)
    arel (6.0.4)
    backports (3.6.8)
    builder (3.2.3)
    capybara (2.7.1)
      addressable
      mime-types (>= 1.16)
      nokogiri (>= 1.3.3)
      rack (>= 1.0.0)
      rack-test (>= 0.5.4)
      xpath (~> 2.0)
    capybara-screenshot (1.0.12)
      capybara (>= 1.0, < 3)
      launchy
    childprocess (0.3.9)
      ffi (~> 1.0, >= 1.0.11)
    cliver (0.3.2)
    coderay (1.1.1)
    concurrent-ruby (1.0.5)
    daemons (1.2.4)
    database_cleaner (1.5.3)
    delayed_job (4.1.2)
      activesupport (>= 3.0, < 5.1)
    delayed_job_active_record (4.1.1)
      activerecord (>= 3.0, < 5.1)
      delayed_job (>= 3.0, < 5)
    diff-lcs (1.2.5)
    factory_girl (4.7.0)
      activesupport (>= 3.0.0)
    ffi (1.9.23)
    haml (4.0.7)
      tilt
    http_router (0.11.2)
      rack (>= 1.0.0)
      url_mount (~> 0.2.1)
    i18n (0.9.1)
      concurrent-ruby (~> 1.0)
    i18n-env-config (0.0.1)
      i18n (~> 0.5)
    itunes_store_transporter (0.2.1)
      childprocess (~> 0.3.2)
      optout (~> 0.0.2)
    kramdown (1.13.0)
    launchy (2.4.3)
      addressable (~> 2.3)
    mail (2.6.4)
      mime-types (>= 1.16, < 4)
    mime-types (2.99.1)
    mini_portile2 (2.4.0)
    minitest (5.10.3)
    moneta (0.7.20)
    multi_json (1.12.0)
    nokogiri (1.10.4)
      mini_portile2 (~> 2.4.0)
    optout (0.0.2)
    padrino (0.12.6)
      padrino-admin (= 0.12.6)
      padrino-cache (= 0.12.6)
      padrino-core (= 0.12.6)
      padrino-gen (= 0.12.6)
      padrino-helpers (= 0.12.6)
      padrino-mailer (= 0.12.6)
      padrino-support (= 0.12.6)
    padrino-admin (0.12.6)
      padrino-core (= 0.12.6)
      padrino-helpers (= 0.12.6)
    padrino-cache (0.12.6)
      moneta (~> 0.7.0)
      padrino-core (= 0.12.6)
      padrino-helpers (= 0.12.6)
    padrino-core (0.12.6)
      activesupport (>= 3.1)
      http_router (~> 0.11.0)
      padrino-support (= 0.12.6)
      rack (< 1.6.0)
      rack-protection (>= 1.5.0)
      sinatra (~> 1.4.2)
      thor (~> 0.18)
    padrino-gen (0.12.6)
      bundler (~> 1.0)
      padrino-core (= 0.12.6)
    padrino-helpers (0.12.6)
      i18n (~> 0.6, >= 0.6.7)
      padrino-support (= 0.12.6)
      tilt (~> 1.4.1)
    padrino-mailer (0.12.6)
      mail (~> 2.5)
      mime-types (< 3)
      padrino-core (= 0.12.6)
    padrino-support (0.12.6)
      activesupport (>= 3.1)
    padrino_bootstrap_forms (0.1.2)
      activesupport (>= 3.1, < 5)
      padrino (~> 0.11, != 0.13.1, != 0.13.0, != 0.12.5, != 0.12.4, != 0.12.3, != 0.12.2, != 0.12.1, != 0.12.0)
    page_number (0.1.0)
    phantomjs (2.1.1.0)
    poltergeist (1.9.0)
      capybara (~> 2.1)
      cliver (~> 0.3.1)
      multi_json (~> 1.0)
      websocket-driver (>= 0.2.0)
    rack (1.5.5)
    rack-protection (1.5.3)
      rack
    rack-test (0.6.3)
      rack (>= 1.0)
    rake (11.1.2)
    rspec (3.4.0)
      rspec-core (~> 3.4.0)
      rspec-expectations (~> 3.4.0)
      rspec-mocks (~> 3.4.0)
    rspec-core (3.4.4)
      rspec-support (~> 3.4.0)
    rspec-expectations (3.4.0)
      diff-lcs (>= 1.2.0, < 2.0)
      rspec-support (~> 3.4.0)
    rspec-mocks (3.4.1)
      diff-lcs (>= 1.2.0, < 2.0)
      rspec-support (~> 3.4.0)
    rspec-support (3.4.1)
    shoulda-matchers (3.1.1)
      activesupport (>= 4.0.0)
    sinatra (1.4.7)
      rack (~> 1.5)
      rack-protection (~> 1.4)
      tilt (>= 1.3, < 3)
    sinatra-contrib (1.4.7)
      backports (>= 2.0)
      multi_json
      rack-protection
      rack-test
      sinatra (~> 1.4.0)
      tilt (>= 1.3, < 3)
    sqlite3 (1.3.12)
    thor (0.19.1)
    thread_safe (0.3.6)
    tilt (1.4.1)
    tzinfo (1.2.4)
      thread_safe (~> 0.1)
    url_mount (0.2.1)
      rack
    valid_email (0.0.13)
      activemodel
      mail (~> 2.6.1)
    websocket-driver (0.6.3)
      websocket-extensions (>= 0.1.0)
    websocket-extensions (0.1.2)
    will_paginate (3.1.0)
    xpath (2.0.0)
      nokogiri (~> 1.3)

PLATFORMS
  ruby

DEPENDENCIES
  activerecord (~> 4.2)
  capybara-screenshot
  coderay
  daemons
  database_cleaner
  delayed_job
  delayed_job_active_record
  factory_girl
  haml (= 4.0.7)
  i18n-env-config
  itunes_store_transporter (= 0.2.1)
  kramdown
  mail
  padrino-core (= 0.12.6)
  padrino-gen (= 0.12.6)
  padrino-helpers (= 0.12.6)
  padrino-mailer (= 0.12.6)
  padrino_bootstrap_forms (~> 0.1.2)
  page_number (~> 0.1.0)
  phantomjs
  poltergeist
  rack-test (= 0.6.3)
  rake
  rspec
  shoulda-matchers (~> 3.1.1)
  sinatra-contrib
  sqlite3 (~> 1.3.0)
  tilt
  valid_email
  will_paginate (~> 3.0)

BUNDLED WITH
   1.15.4
